GIT
  remote: https://github.com/openemr/cqm-parsers.git
  revision: 27e9143b5149b05a3509695b99a13c3bb0750357
  branch: bonnie_version_singleton_fix
  specs:
    cqm-parsers (0.2.1.1)
      activesupport (~> 5.2.1)
      builder (~> 3.1)
      cqm-models (~> 3.0.6)
      erubis (~> 2.7.0)
      highline (~> 1.7.0)
      log4r (~> 1.1.10)
      memoist (~> 0.9.1)
      mongoid (~> 6.4.2)
      mongoid-tree (~> 2.1.0)
      mustache
      nokogiri (>= 1.8.5, < 1.11.0)
      rubyzip (~> 1.3)
      typhoeus
      uuid (~> 2.3.7)
      zip-zip (~> 0.3)

GEM
  remote: https://rubygems.org/
  specs:
    activemodel (5.2.7)
      activesupport (= 5.2.7)
    activesupport (5.2.7)
      concurrent-ruby (~> 1.0, >= 1.0.2)
      i18n (>= 0.7, < 2)
      minitest (~> 5.1)
      tzinfo (~> 1.1)
    bson (4.14.1)
    builder (3.2.4)
    concurrent-ruby (1.1.9)
    cqm-models (3.0.6)
    dotenv (2.7.6)
    erubis (2.7.0)
    ethon (0.15.0)
      ffi (>= 1.15.0)
    ffi (1.15.5)
    ffi (1.15.5-x64-mingw32)
    highline (1.7.10)
    i18n (1.10.0)
      concurrent-ruby (~> 1.0)
    log4r (1.1.10)
    macaddr (1.7.2)
      systemu (~> 2.6.5)
    memoist (0.9.3)
    mini_portile2 (2.4.0)
    minitest (5.15.0)
    mongo (2.17.1)
      bson (>= 4.8.2, < 5.0.0)
    mongoid (6.4.8)
      activemodel (>= 5.1, < 6.0.0)
      mongo (>= 2.5.1, < 3.0.0)
    mongoid-tree (2.1.1)
      mongoid (>= 4.0, < 8)
    mustache (1.1.1)
    nokogiri (1.10.10)
      mini_portile2 (~> 2.4.0)
    nokogiri (1.10.10-x64-mingw32)
      mini_portile2 (~> 2.4.0)
    rack (2.2.3)
    rubyzip (1.3.0)
    sprockets (4.0.2)
      concurrent-ruby (~> 1.0)
      rack (> 1, < 3)
    systemu (2.6.5)
    thread_safe (0.3.6)
    typhoeus (1.4.0)
      ethon (>= 0.9.0)
    tzinfo (1.2.9)
      thread_safe (~> 0.1)
    uuid (2.3.9)
      macaddr (~> 1.0)
    zip-zip (0.3)
      rubyzip (>= 1.0.0)

PLATFORMS
  x64-mingw32
  x86_64-darwin-16

DEPENDENCIES
  cqm-parsers!
  dotenv
  rubyzip (>= 1.3.0)
  sprockets
  zip-zip

BUNDLED WITH
   2.2.26
